PATH
  remote: .
  specs:
    cli-pasta (0.0.1)

GEM
  remote: https://rubygems.org/
  specs:
    ast (2.4.0)
    events (0.9.8)
    komenda (0.1.8)
      events (~> 0.9.8)
    parallel (1.12.1)
    parser (2.5.0.5)
      ast (~> 2.4.0)
    power_assert (1.1.1)
    powerpack (0.1.1)
    rainbow (3.0.0)
    rake (10.5.0)
    rubocop (0.54.0)
      parallel (~> 1.10)
      parser (>= 2.5)
      powerpack (~> 0.1)
      rainbow (>= 2.2.2, < 4.0)
      ruby-progressbar (~> 1.7)
      unicode-display_width (~> 1.0, >= 1.0.1)
    ruby-progressbar (1.9.0)
    test-unit (3.2.7)
      power_assert
    tty-which (0.3.0)
    unicode-display_width (1.3.0)

PLATFORMS
  ruby

DEPENDENCIES
  bundler (~> 1.16)
  cli-pasta!
  komenda (~> 0.1.8)
  rake (~> 10.0)
  rubocop (~> 0.54.0)
  test-unit (~> 3.2)
  tty-which (~> 0.3.0)

BUNDLED WITH
   1.16.1
