PATH
  remote: .
  specs:
    cli-pasta (2.0.0)

GEM
  remote: https://rubygems.org/
  specs:
    ansi (1.5.0)
    ast (2.4.0)
    builder (3.2.3)
    events (0.9.8)
    jaro_winkler (1.5.2)
    komenda (0.1.8)
      events (~> 0.9.8)
    minitest (5.11.3)
    minitest-power_assert (0.3.0)
      minitest
      power_assert (>= 1.1)
    minitest-reporters (1.3.0)
      ansi
      builder
      minitest (>= 5.0)
      ruby-progressbar
    parallel (1.12.1)
    parser (2.5.3.0)
      ast (~> 2.4.0)
    power_assert (1.1.1)
    powerpack (0.1.2)
    rainbow (3.0.0)
    rake (10.5.0)
    rubocop (0.62.0)
      jaro_winkler (~> 1.5.1)
      parallel (~> 1.10)
      parser (>= 2.5, != 2.5.1.1)
      powerpack (~> 0.1)
      rainbow (>= 2.2.2, < 4.0)
      ruby-progressbar (~> 1.7)
      unicode-display_width (~> 1.4.0)
    ruby-progressbar (1.10.0)
    tty-which (0.3.0)
    unicode-display_width (1.4.1)

PLATFORMS
  ruby

DEPENDENCIES
  bundler (~> 1.16)
  cli-pasta!
  komenda (~> 0.1.8)
  minitest (~> 5.11)
  minitest-power_assert (~> 0.3.0)
  minitest-reporters (~> 1.3)
  rake (~> 10.0)
  rubocop (~> 0.62.0)
  tty-which (~> 0.3.0)

BUNDLED WITH
   1.16.2
